{
	"AcquisitionDateTime": "2020-03-02T16:18:08",
	"AcquisitionMatrixPE": 256,
	"AcquisitionNumber": 1,
	"AnatomicalLandmarkCoordinateSystem": "LPS",
	"AnatomicalLandmarkCoordinateSystemDescription": "Anatomical Landmarks registered with AFNI software Edit Tagset plugin. Defaults to LPS coordinate system.",
	"AnatomicalLandmarkCoordinateUnits": "mm",
	"AnatomicalLandmarkCoordinates": [
		"NAS:",
		[2.141,-124.4,1.068],
		"LPA:",
		[77.14,-52.41,-57.93],
		"RPA:",
		[-69.86,-47.41,-55.93]
	],
	"BodyPartExamined": "BRAIN",
	"ConversionSoftware": "dcm2niix",
	"ConversionSoftwareVersion": "v1.0.20180622 GCC4.8.5",
	"DeviceSerialNumber": "000301496MR3T5MR",
	"EchoTime": 0.003436,
	"FlipAngle": 7,
	"ImageOrientationPatientDICOM": [0,1,0,0,0,-1],
	"ImageType": [
		"ORIGINAL",
		"PRIMARY",
		"OTHER"
	],
	"InPlanePhaseEncodingDirectionDICOM": "ROW",
	"InstitutionName": "NIH_FMRIF",
	"InversionTime": 0.9,
	"MRAcquisitionType": "3D",
	"MagneticFieldStrength": 3,
	"Manufacturer": "GE",
	"ManufacturersModelName": "DISCOVERY_MR750",
	"Modality": "MR",
	"PatientPosition": "HFS",
	"PercentPhaseFOV": 100,
	"PixelBandwidth": 195.312,
	"ProcedureStepDescription": "MRI_Brain",
	"ProtocolName": "Anat_T1w_MP-RAGE_1mm",
	"ReconMatrixPE": 256,
	"RepetitionTime": 0.0077,
	"SAR": 0.0733255,
	"ScanOptions": "EDR_GEMS_FILTERED_GEMS_ACC_GEMS_IR_GEMS",
	"ScanningSequence": "RM",
	"SequenceVariant": "NONE",
	"SeriesDescription": "Anat_T1w_MP-RAGE_1mm",
	"SeriesNumber": 6,
	"SliceThickness": 1,
	"SoftwareVersions": "27_LX_MR_Software_release:DV26.0_R03_1831.b",
	"SpacingBetweenSlices": 1,
	"StationName": "FMRI3ta"
}
